PATH
  remote: .
  specs:
    spraycan (0.3.0)
      acts_as_list (>= 0.1.2)
      carrierwave (= 0.5.4)
      deface (>= 0.6.1)
      ejs (= 1.0.0)
      guid (= 0.1.1)
      rabl (= 0.2.8)

PATH
  remote: ../spree
  specs:
    spree (1.0.0.rc1)
      spree_api (= 1.0.0.rc1)
      spree_auth (= 1.0.0.rc1)
      spree_core (= 1.0.0.rc1)
      spree_dash (= 1.0.0.rc1)
      spree_promo (= 1.0.0.rc1)
      spree_sample (= 1.0.0.rc1)
    spree_api (1.0.0.rc1)
      spree_auth (= 1.0.0.rc1)
      spree_core (= 1.0.0.rc1)
    spree_auth (1.0.0.rc1)
      cancan (= 1.6.7)
      devise (= 1.4.8)
      spree_core (= 1.0.0.rc1)
    spree_core (1.0.0.rc1)
      activemerchant (= 1.20.1)
      acts_as_list (= 0.1.4)
      deface (>= 0.7.2)
      ffaker (~> 1.10.1)
      highline (= 1.6.8)
      jquery-rails (>= 1.0.18)
      kaminari (>= 0.13.0)
      meta_search (= 1.1.1)
      nested_set (= 1.6.8)
      paperclip (= 2.4.1)
      rails (>= 3.1.1, <= 3.1.3)
      state_machine (= 1.1.1)
      stringex (~> 1.3.0)
    spree_dash (1.0.0.rc1)
      spree_core (= 1.0.0.rc1)
    spree_promo (1.0.0.rc1)
      spree_auth (= 1.0.0.rc1)
      spree_core (= 1.0.0.rc1)
    spree_sample (1.0.0.rc1)
      spree_core (= 1.0.0.rc1)

GEM
  remote: http://rubygems.org/
  specs:
    actionmailer (3.1.3)
      actionpack (= 3.1.3)
      mail (~> 2.3.0)
    actionpack (3.1.3)
      activemodel (= 3.1.3)
      activesupport (= 3.1.3)
      builder (~> 3.0.0)
      erubis (~> 2.7.0)
      i18n (~> 0.6)
      rack (~> 1.3.5)
      rack-cache (~> 1.1)
      rack-mount (~> 0.8.2)
      rack-test (~> 0.6.1)
      sprockets (~> 2.0.3)
    active_utils (1.0.1)
      activesupport (>= 2.3.11)
      i18n
    activemerchant (1.20.1)
      active_utils (>= 1.0.1)
      activesupport (>= 2.3.11)
      braintree (>= 2.0.0)
      builder (>= 2.0.0)
      i18n
      json (>= 1.5.1)
      money (<= 3.7.1)
    activemodel (3.1.3)
      activesupport (= 3.1.3)
      builder (~> 3.0.0)
      i18n (~> 0.6)
    activerecord (3.1.3)
      activemodel (= 3.1.3)
      activesupport (= 3.1.3)
      arel (~> 2.2.1)
      tzinfo (~> 0.3.29)
    activeresource (3.1.3)
      activemodel (= 3.1.3)
      activesupport (= 3.1.3)
    activesupport (3.1.3)
      multi_json (~> 1.0)
    acts_as_list (0.1.4)
    addressable (2.2.6)
    arel (2.2.1)
    bcrypt-ruby (3.0.1)
    braintree (2.13.2)
      builder (>= 2.0.0)
    builder (3.0.0)
    cancan (1.6.7)
    capybara (1.1.2)
      mime-types (>= 1.16)
      nokogiri (>= 1.3.3)
      rack (>= 1.0.0)
      rack-test (>= 0.5.4)
      selenium-webdriver (~> 2.0)
      xpath (~> 0.1.4)
    carrierwave (0.5.4)
      activesupport (~> 3.0)
    childprocess (0.2.3)
      ffi (~> 1.0.6)
    cocaine (0.2.1)
    coffee-rails (3.1.1)
      coffee-script (>= 2.2.0)
      railties (~> 3.1.0)
    coffee-script (2.2.0)
      coffee-script-source
      execjs
    coffee-script-source (1.1.3)
    columnize (0.3.4)
    database_cleaner (0.7.0)
    deface (0.7.2)
      nokogiri (~> 1.5.0)
      rails (>= 3.0.9)
    devise (1.4.8)
      bcrypt-ruby (~> 3.0)
      orm_adapter (~> 0.0.3)
      warden (~> 1.0.3)
    diff-lcs (1.1.3)
    ejs (1.0.0)
    erubis (2.7.0)
    execjs (1.2.9)
      multi_json (~> 1.0)
    factory_girl (2.3.2)
      activesupport
    ffaker (1.10.1)
    ffi (1.0.11)
    guid (0.1.1)
    highline (1.6.8)
    hike (1.2.1)
    i18n (0.6.0)
    jquery-rails (1.0.19)
      railties (~> 3.0)
      thor (~> 0.14)
    json (1.6.3)
    kaminari (0.13.0)
      actionpack (>= 3.0.0)
      activesupport (>= 3.0.0)
      railties (>= 3.0.0)
    launchy (2.0.5)
      addressable (~> 2.2.6)
    linecache (0.46)
      rbx-require-relative (> 0.0.4)
    mail (2.3.0)
      i18n (>= 0.4.0)
      mime-types (~> 1.16)
      treetop (~> 1.4.8)
    meta_search (1.1.1)
      actionpack (~> 3.1.0)
      activerecord (~> 3.1.0)
      activesupport (~> 3.1.0)
      polyamorous (~> 0.5.0)
    mime-types (1.17.2)
    money (3.7.1)
      i18n (~> 0.4)
    multi_json (1.0.4)
    nested_set (1.6.8)
      activerecord (>= 3.0.0)
      railties (>= 3.0.0)
    nokogiri (1.5.0)
    orm_adapter (0.0.5)
    paperclip (2.4.1)
      activerecord (>= 2.3.0)
      activesupport (>= 2.3.2)
      cocaine (>= 0.0.2)
      mime-types
    polyamorous (0.5.0)
      activerecord (~> 3.0)
    polyglot (0.3.3)
    rabl (0.2.8)
    rack (1.3.5)
    rack-cache (1.1)
      rack (>= 0.4)
    rack-mount (0.8.3)
      rack (>= 1.0.0)
    rack-ssl (1.3.2)
      rack
    rack-test (0.6.1)
      rack (>= 1.0)
    rails (3.1.3)
      actionmailer (= 3.1.3)
      actionpack (= 3.1.3)
      activerecord (= 3.1.3)
      activeresource (= 3.1.3)
      activesupport (= 3.1.3)
      bundler (~> 1.0)
      railties (= 3.1.3)
    railties (3.1.3)
      actionpack (= 3.1.3)
      activesupport (= 3.1.3)
      rack-ssl (~> 1.3.2)
      rake (>= 0.8.7)
      rdoc (~> 3.4)
      thor (~> 0.14.6)
    rake (0.9.2.2)
    rbx-require-relative (0.0.5)
    rdoc (3.11)
      json (~> 1.4)
    rspec (2.7.0)
      rspec-core (~> 2.7.0)
      rspec-expectations (~> 2.7.0)
      rspec-mocks (~> 2.7.0)
    rspec-core (2.7.1)
    rspec-expectations (2.7.0)
      diff-lcs (~> 1.1.2)
    rspec-mocks (2.7.0)
    rspec-rails (2.7.0)
      actionpack (~> 3.0)
      activesupport (~> 3.0)
      railties (~> 3.0)
      rspec (~> 2.7.0)
    ruby-debug (0.10.4)
      columnize (>= 0.1)
      ruby-debug-base (~> 0.10.4.0)
    ruby-debug-base (0.10.4)
      linecache (>= 0.3)
    rubyzip (0.9.5)
    sass (3.1.11)
    sass-rails (3.1.5)
      actionpack (~> 3.1.0)
      railties (~> 3.1.0)
      sass (~> 3.1.10)
      tilt (~> 1.3.2)
    selenium-webdriver (2.14.0)
      childprocess (>= 0.2.1)
      ffi (~> 1.0.9)
      multi_json (~> 1.0.4)
      rubyzip
    sprockets (2.0.3)
      hike (~> 1.2)
      rack (~> 1.0)
      tilt (~> 1.1, != 1.3.0)
    sqlite3 (1.3.5)
    state_machine (1.1.1)
    stringex (1.3.0)
    thor (0.14.6)
    tilt (1.3.3)
    treetop (1.4.10)
      polyglot
      polyglot (>= 0.3.1)
    tzinfo (0.3.31)
    uglifier (1.1.0)
      execjs (>= 0.3.0)
      multi_json (>= 1.0.2)
    warden (1.0.6)
      rack (>= 1.0)
    xpath (0.1.4)
      nokogiri (~> 1.3)

PLATFORMS
  ruby

DEPENDENCIES
  capybara
  coffee-rails (~> 3.1.1)
  database_cleaner
  factory_girl (>= 2.3.0)
  jquery-rails
  launchy
  rspec (>= 2.7.0)
  rspec-rails (>= 2.7.0)
  ruby-debug
  sass-rails (~> 3.1.4)
  spraycan!
  spree!
  sqlite3
  uglifier (>= 1.0.3)
